GEM
  remote: https://rubygems.org/
  specs:
    RedCloth (4.2.9)
    addressable (2.4.0)
    colorator (1.1.0)
    colored (1.2)
    commonjs (0.2.7)
    ethon (0.11.0)
      ffi (>= 1.3.0)
    execjs (2.6.0)
    ffi (1.9.10)
    ffi-icu (0.1.10)
      ffi (~> 1.0, >= 1.0.9)
    forwardable-extended (2.6.0)
    html-proofer (2.1.0)
      addressable (~> 2.3)
      colored (~> 1.2)
      mercenary (~> 0.3.2)
      nokogiri (~> 1.5)
      parallel (~> 1.3)
      typhoeus (~> 0.7)
      yell (~> 2.0)
    jekyll (3.3.0)
      addressable (~> 2.4)
      colorator (~> 1.0)
      jekyll-sass-converter (~> 1.0)
      jekyll-watch (~> 1.1)
      kramdown (~> 1.3)
      liquid (~> 3.0)
      mercenary (~> 0.3.3)
      pathutil (~> 0.9)
      rouge (~> 1.7)
      safe_yaml (~> 1.0)
    jekyll-include-cache (0.1.0)
      jekyll (~> 3.3)
    jekyll-sass-converter (1.5.2)
      sass (~> 3.4)
    jekyll-watch (1.5.1)
      listen (~> 3.0)
    jshintrb (0.3.0)
      execjs
      multi_json (>= 1.3)
      rake
    json (2.1.0)
    json-schema (2.8.0)
      addressable (>= 2.4)
    kramdown (1.9.0)
    less (2.4.0)
      commonjs (~> 0.2.7)
    libv8 (3.16.14.19)
    liquid (3.0.6)
    liquid-c (4.0.0)
      liquid (>= 3.0.0)
    listen (3.1.5)
      rb-fsevent (~> 0.9, >= 0.9.4)
      rb-inotify (~> 0.9, >= 0.9.7)
      ruby_dep (~> 1.2)
    mercenary (0.3.5)
    mini_portile2 (2.3.0)
    multi_json (1.11.2)
    nokogiri (1.8.2)
      mini_portile2 (~> 2.3.0)
    parallel (1.12.0)
    pathutil (0.16.2)
      forwardable-extended (~> 2.6)
    rake (10.4.2)
    rb-fsevent (0.10.3)
    rb-inotify (0.10.0)
      ffi (~> 1.0)
    ref (2.0.0)
    rouge (1.11.1)
    ruby_dep (1.5.0)
    safe_yaml (1.0.4)
    sass (3.7.4)
      sass-listen (~> 4.0.0)
    sass-listen (4.0.0)
      rb-fsevent (~> 0.9, >= 0.9.4)
      rb-inotify (~> 0.9, >= 0.9.7)
    therubyracer (0.12.3)
      libv8 (~> 3.16.14.15)
      ref
    typhoeus (0.8.0)
      ethon (>= 0.8.0)
    yell (2.0.7)

PLATFORMS
  ruby

DEPENDENCIES
  RedCloth
  ffi-icu
  html-proofer (= 2.1.0)
  jekyll (= 3.3.0)
  jekyll-include-cache
  jshintrb (~> 0.3.0)
  json (>= 1.9)
  json-schema
  kramdown
  less (= 2.4.0)
  liquid-c
  safe_yaml
  therubyracer

RUBY VERSION
   ruby 2.4.1p111

BUNDLED WITH
   1.17.3
